GEM
  remote: https://rubygems.org/
  specs:
    coffee-script (2.4.1)
      coffee-script-source
      execjs
    coffee-script-source (1.12.2)
    execjs (2.7.0)
    haml (5.0.4)
      temple (>= 0.8.0)
      tilt
    hashie (3.6.0)
    inflecto (0.0.2)
    oj (3.7.10)
    puma (3.12.0)
    rack (2.0.6)
    roda (3.18.0)
      rack
    temple (0.8.1)
    tilt (2.0.9)

PLATFORMS
  ruby

DEPENDENCIES
  coffee-script
  haml
  hashie
  inflecto
  oj
  puma
  roda

BUNDLED WITH
   1.17.3
